GIT
  remote: https://github.com/livingsocial/rake-pipeline.git
  revision: 50b8d77b703c96539a433ee53a680c43542aaa75
  specs:
    rake-pipeline (0.8.0)
      json
      rake (~> 0.9.0)
      thor

GIT
  remote: https://github.com/wycats/rake-pipeline-web-filters.git
  revision: 1a6dc173776b188836aa2ce2ac35b61c7f7daafe
  specs:
    rake-pipeline-web-filters (0.6.0)
      rack
      rake-pipeline (~> 0.6)

GEM
  remote: http://rubygems.org/
  specs:
    coffee-script (2.2.0)
      coffee-script-source
      execjs
    coffee-script-source (1.4.0)
    commonjs (0.2.6)
    execjs (1.4.0)
      multi_json (~> 1.0)
    haml (3.1.7)
    json (1.7.6)
    less (2.2.2)
      commonjs (~> 0.2.6)
    multi_json (1.5.0)
    rack (1.4.1)
    rake (0.9.6)
    ref (1.0.2)
    therubyracer (0.11.0)
      ref
    thor (0.16.0)
    tilt (1.3.3)

PLATFORMS
  ruby

DEPENDENCIES
  coffee-script
  haml
  json
  less
  rack
  rake-pipeline!
  rake-pipeline-web-filters!
  therubyracer
  tilt
