GIT
  remote: git://github.com/cowboyd/therubyracer.git
  revision: 0c8ab86dc15ff8e1637920c790412dd4991b3598
  specs:
    therubyracer (0.12.0beta1)
      libv8 (~> 3.16.14.0)
      ref

GIT
  remote: https://github.com/livingsocial/rake-pipeline.git
  revision: 65b1e744defa208e313703d89f3453447cc103b2
  specs:
    rake-pipeline (0.8.0)
      json
      rake (~> 10.0.0)
      thor

GIT
  remote: https://github.com/wycats/rake-pipeline-web-filters.git
  revision: c7c018af04a1b7be42fd447eebf23746e0f63855
  specs:
    rake-pipeline-web-filters (0.6.0)
      rack
      rake-pipeline (~> 0.6)

GEM
  remote: https://rubygems.org/
  specs:
    RedCloth (4.2.9)
    classifier (1.3.3)
      fast-stemmer (>= 1.0.0)
    coffee-script (2.2.0)
      coffee-script-source
      execjs
    coffee-script-source (1.6.2)
    commonjs (0.2.6)
    directory_watcher (1.5.1)
    execjs (1.4.0)
      multi_json (~> 1.0)
    fast-stemmer (1.0.2)
    haml (4.0.2)
      tilt
    jekyll (0.12.0)
      classifier (~> 1.3)
      directory_watcher (~> 1.1)
      kramdown (~> 0.13.4)
      liquid (~> 2.3)
      maruku (~> 0.5)
      pygments.rb (~> 0.3.2)
    json (1.7.7)
    kramdown (0.13.8)
    less (2.3.2)
      commonjs (~> 0.2.6)
    libv8 (3.16.14.1)
    liquid (2.4.1)
    maruku (0.6.0)
      syntax (>= 1.0.0)
    multi_json (1.7.2)
    posix-spawn (0.3.6)
    pygments.rb (0.3.7)
      posix-spawn (~> 0.3.6)
      yajl-ruby (~> 1.1.0)
    rack (1.5.2)
    rake (10.0.4)
    rdiscount (1.6.8)
    redcarpet (2.1.1)
    ref (1.0.4)
    syntax (1.0.0)
    thor (0.18.1)
    tilt (1.3.7)
    yajl-ruby (1.1.0)

PLATFORMS
  ruby

DEPENDENCIES
  RedCloth (= 4.2.9)
  coffee-script
  haml
  jekyll (= 0.12.0)
  json
  less
  libv8
  liquid (= 2.4.1)
  maruku (= 0.6.0)
  rack
  rake-pipeline!
  rake-pipeline-web-filters!
  rdiscount (= 1.6.8)
  redcarpet (= 2.1.1)
  therubyracer!
  tilt
